GEM
  remote: https://rubygems.org/
  specs:
    colorator (1.1.0)
    colored (1.2)
    configure-s3-website (1.7.1)
      deep_merge (= 1.0.0)
    deep_merge (1.0.0)
    dotenv (1.0.2)
    exifr (1.2.5)
    ffi (1.12.2)
    forwardable-extended (2.6.0)
    fspath (3.0.1)
    image_optim (0.24.0)
      exifr (~> 1.2, >= 1.2.2)
      fspath (~> 3.0)
      image_size (~> 1.3)
      in_threads (~> 1.3)
      progress (~> 3.0, >= 3.0.1)
    image_optim_pack (0.3.0.20160812)
      fspath (>= 2.1, < 4)
      image_optim (~> 0.19)
    image_size (1.4.2)
    in_threads (1.3.1)
    jekyll (3.2.1)
      colorator (~> 1.0)
      jekyll-sass-converter (~> 1.0)
      jekyll-watch (~> 1.1)
      kramdown (~> 1.3)
      liquid (~> 3.0)
      mercenary (~> 0.3.3)
      pathutil (~> 0.9)
      rouge (~> 1.7)
      safe_yaml (~> 1.0)
    jekyll-feed (0.6.0)
    jekyll-sass-converter (1.4.0)
      sass (~> 3.4)
    jekyll-watch (1.5.0)
      listen (~> 3.0, < 3.1)
    kramdown (1.12.0)
    liquid (3.0.6)
    listen (3.0.8)
      rb-fsevent (~> 0.9, >= 0.9.4)
      rb-inotify (~> 0.9, >= 0.9.7)
    mercenary (0.3.6)
    mini_magick (4.5.1)
    pathutil (0.14.0)
      forwardable-extended (~> 2.6)
    progress (3.2.2)
    rake (11.2.2)
    rb-fsevent (0.9.7)
    rb-inotify (0.9.7)
      ffi (>= 0.5.0)
    rouge (1.11.1)
    s3_website (2.15.0)
      colored (= 1.2)
      configure-s3-website (= 1.7.1)
      dotenv (~> 1.0)
      thor (~> 0.18)
    safe_yaml (1.0.4)
    sass (3.4.22)
    starving-artist-jekyll-theme (0.2.3)
    thor (0.19.1)

PLATFORMS
  ruby

DEPENDENCIES
  image_optim
  image_optim_pack
  jekyll
  jekyll-feed
  mini_magick
  rake
  s3_website
  sass
  starving-artist-jekyll-theme

BUNDLED WITH
   1.12.5
